PATH
  remote: .
  specs:
    mastermind_corlassion (0.0.0)

GEM
  remote: https://rubygems.org/
  specs:
    rake (12.3.3)

PLATFORMS
  ruby

DEPENDENCIES
  mastermind_corlassion!
  rake (~> 12.0)

BUNDLED WITH
   2.1.4
